GIT
  remote: git://github.com/emiko/acts_as_list.git
  revision: 1163a6b6bb1fd6d96e444c2210c4ec393ede7f1b
  specs:
    acts_as_list (0.1.4)

GIT
  remote: git://github.com/nabeta/enju_book_jacket.git
  revision: b3cbbd6ccc5116e75dad4e995d83d9a5752dc1cd
  specs:
    enju_book_jacket (0.0.1)
      configatron
      rails (~> 3.2)

GIT
  remote: git://github.com/nabeta/enju_manifestation_viewer.git
  revision: 5dbd8cdf4e9af75a51642550e4f9ed3396217d70
  specs:
    enju_manifestation_viewer (0.0.1)
      addressable
      rails (~> 3.2)

GIT
  remote: git://github.com/nabeta/enju_oai.git
  revision: 888b507f0924884718cd4192fb410e05946a166c
  specs:
    enju_oai (0.0.2)
      acts_as_list
      attribute_normalizer (~> 1.1)
      cancan
      configatron
      devise
      friendly_id (~> 4.0)
      mobile-fu
      rails (~> 3.2)
      sunspot_rails
      will_paginate

GIT
  remote: git://github.com/nabeta/isbn-tools.git
  revision: 05e31384f167aa7d1e560f76c1c3faf104d64709
  specs:
    isbn-tools (0.2.0)

GIT
  remote: git://github.com/nabeta/sunspot-rails-tester.git
  revision: 733d46622fd4080836ee688f00acdd2b77395af9
  specs:
    sunspot-rails-tester (0.0.4)
      sunspot_rails
      sunspot_solr

GIT
  remote: git://github.com/nakamura-akifumi/enju_standalone_interface.git
  revision: ac7fa565773c4a956b0261a1f20069ff35b27694
  specs:
    enju_standalone_interface (0.0.1)
      configatron
      crypt19
      rails (~> 3.2)

GEM
  remote: https://rubygems.org/
  specs:
    Ascii85 (1.0.1)
    RedCloth (4.2.9)
    actionmailer (3.2.3)
      actionpack (= 3.2.3)
      mail (~> 2.4.4)
    actionpack (3.2.3)
      activemodel (= 3.2.3)
      activesupport (= 3.2.3)
      builder (~> 3.0.0)
      erubis (~> 2.7.0)
      journey (~> 1.0.1)
      rack (~> 1.4.0)
      rack-cache (~> 1.2)
      rack-test (~> 0.6.1)
      sprockets (~> 2.1.2)
    activemodel (3.2.3)
      activesupport (= 3.2.3)
      builder (~> 3.0.0)
    activerecord (3.2.3)
      activemodel (= 3.2.3)
      activesupport (= 3.2.3)
      arel (~> 3.0.2)
      tzinfo (~> 0.3.29)
    activeresource (3.2.3)
      activemodel (= 3.2.3)
      activesupport (= 3.2.3)
    activesupport (3.2.3)
      i18n (~> 0.6)
      multi_json (~> 1.0)
    acts-as-taggable-on (2.2.2)
      rails (~> 3.0)
    addressable (2.2.8)
    annotate (2.4.1.beta1)
    arel (3.0.2)
    attribute_normalizer (1.1.0)
    awesome_nested_set (2.1.3)
      activerecord (>= 3.0.0)
    aws-sdk (1.5.1)
      httparty (~> 0.7)
      json (~> 1.4)
      nokogiri (>= 1.4.4)
      uuidtools (~> 2.1)
    barby (0.5.0)
    bcrypt-ruby (3.0.1)
    builder (3.0.0)
    cancan (1.6.7)
    chronic (0.6.7)
    chunky_png (1.2.5)
    ci_reporter (1.7.0)
      builder (>= 2.1.2)
    client_side_validations (3.2.0.beta.3)
    cocaine (0.2.1)
    coffee-rails (3.2.2)
      coffee-script (>= 2.2.0)
      railties (~> 3.2.0)
    coffee-script (2.2.0)
      coffee-script-source
      execjs
    coffee-script-source (1.3.1)
    configatron (2.9.1)
      yamler (>= 0.1.0)
    crypt19 (1.2.1)
    daemons (1.1.8)
    dalli (2.0.5)
    delayed_job (3.0.2)
      activesupport (~> 3.0)
    delayed_job_active_record (0.3.2)
      activerecord (> 2.1.0)
      delayed_job (~> 3.0.0)
    devise (2.0.4)
      bcrypt-ruby (~> 3.0)
      orm_adapter (~> 0.0.3)
      railties (~> 3.1)
      warden (~> 1.1.1)
    diff-lcs (1.1.3)
    dynamic_form (1.1.4)
    enju_ndl (0.0.23)
      acts_as_list
      attribute_normalizer
      devise
      enju_subject
      library_stdnums
      nokogiri
      rails (~> 3.2)
      sunspot_rails
      sunspot_solr
      will_paginate (~> 3.0)
    enju_subject (0.0.6)
      attribute_normalizer (~> 1.0)
      cancan
      devise
      dynamic_form
      friendly_id (~> 4.0)
      inherited_resources
      rails (~> 3.1)
      sunspot_rails
      sunspot_solr
      will_paginate (~> 3.0)
    erubis (2.7.0)
    event-calendar (2.3.3)
    exception_notification (2.6.1)
      actionmailer (>= 3.0.4)
    execjs (1.3.2)
      multi_json (~> 1.0)
    factory_girl (3.3.0)
      activesupport (>= 3.0.0)
    factory_girl_rails (3.3.0)
      factory_girl (~> 3.3.0)
      railties (>= 3.0.0)
    fakeweb (1.3.0)
    fattr (2.2.1)
    ffi (1.0.11)
    file_wrapper (0.4.1)
    friendly_id (4.0.5)
    geocoder (1.1.1)
    guard (1.0.2)
      ffi (>= 0.5.0)
      thor (~> 0.14.6)
    guard-rspec (0.7.2)
      guard (>= 0.10.0)
    has_scope (0.5.1)
    highline (1.6.12)
    hike (1.2.1)
    httparty (0.8.3)
      multi_json (~> 1.0)
      multi_xml
    i18n (0.6.0)
    inherited_resources (1.3.1)
      has_scope (~> 0.5.0)
      responders (~> 0.6)
    journey (1.0.3)
    jpp_customercode_transfer (0.0.2)
      rails (~> 3.2.3)
    jquery-rails (2.0.2)
      railties (>= 3.2.0, < 5.0)
      thor (~> 0.14)
    json (1.7.3)
    kgio (2.7.4)
    library_stdnums (1.1.0)
    libv8 (3.3.10.4)
    mail (2.4.4)
      i18n (>= 0.4.0)
      mime-types (~> 1.16)
      treetop (~> 1.4.8)
    mime-types (1.18)
    mobile-fu (1.1.0)
      rack-mobile-detect
      rails
    multi_json (1.3.5)
    multi_xml (0.5.1)
    nokogiri (1.5.2)
    options (2.3.0)
      fattr
    orm_adapter (0.0.7)
    paper_trail (2.6.3)
      activerecord (~> 3.0)
      railties (~> 3.0)
    paperclip (2.7.0)
      activerecord (>= 2.3.0)
      activesupport (>= 2.3.2)
      cocaine (>= 0.0.2)
      mime-types
    paperclip-meta (0.4.2)
      paperclip
    parallel (0.5.16)
    parallel_tests (0.8.1)
      parallel
    paranoia (1.1.0)
      activerecord (>= 3.0.0)
    pdf-reader (1.1.1)
      Ascii85 (~> 1.0.0)
      ruby-rc4
    pg (0.13.2)
    polyglot (0.3.3)
    pr_geohash (1.0.0)
    prawn (0.12.0)
      pdf-reader (>= 0.9.0)
      ttfunk (~> 1.0.2)
    progress_bar (0.4.0)
      highline (~> 1.6.1)
      options (~> 2.3.0)
    rack (1.4.1)
    rack-cache (1.2)
      rack (>= 0.4)
    rack-mobile-detect (0.3.0)
      rack
    rack-protection (1.2.0)
      rack
    rack-ssl (1.3.2)
      rack
    rack-test (0.6.1)
      rack (>= 1.0)
    rails (3.2.3)
      actionmailer (= 3.2.3)
      actionpack (= 3.2.3)
      activerecord (= 3.2.3)
      activeresource (= 3.2.3)
      activesupport (= 3.2.3)
      bundler (~> 1.0)
      railties (= 3.2.3)
    rails_autolink (1.0.7)
      rails (~> 3.1)
    railties (3.2.3)
      actionpack (= 3.2.3)
      activesupport (= 3.2.3)
      rack-ssl (~> 1.3.2)
      rake (>= 0.8.7)
      rdoc (~> 3.4)
      thor (~> 0.14.6)
    rake (0.9.2.2)
    rdoc (3.12)
      json (~> 1.4)
    responders (0.9.1)
      railties (~> 3.1)
    rghost (0.8.7.8)
    rghost_barcode (0.9)
    ri_cal (0.8.8)
    rmagick (2.13.1)
    rqrcode (0.4.2)
    rscribd (1.3.0)
      mime-types
    rsolr (1.0.8)
      builder (>= 2.1.2)
    rspec (2.10.0)
      rspec-core (~> 2.10.0)
      rspec-expectations (~> 2.10.0)
      rspec-mocks (~> 2.10.0)
    rspec-core (2.10.0)
    rspec-expectations (2.10.0)
      diff-lcs (~> 1.1.3)
    rspec-mocks (2.10.1)
    rspec-rails (2.10.1)
      actionpack (>= 3.0)
      activesupport (>= 3.0)
      railties (>= 3.0)
      rspec (~> 2.10.0)
    ruby-prof (0.11.2)
    ruby-rc4 (0.1.5)
    sanitize (2.0.3)
      nokogiri (>= 1.4.4, < 1.6)
    sass (3.1.18)
    sass-rails (3.2.5)
      railties (~> 3.2.0)
      sass (>= 3.1.10)
      tilt (~> 1.3)
    scribd_fu (2.0.11)
      rscribd
    simple_form (2.0.2)
      actionpack (~> 3.0)
      activemodel (~> 3.0)
    simplecov (0.6.4)
      multi_json (~> 1.0)
      simplecov-html (~> 0.5.3)
    simplecov-html (0.5.3)
    sitemap_generator (3.1.1)
      builder
    spork (1.0.0rc3)
    spork-rails (3.2.0)
      rails (>= 3.0.0, < 3.3.0)
      spork (>= 1.0rc0)
    sprockets (2.1.3)
      hike (~> 1.2)
      rack (~> 1.0)
      tilt (~> 1.1, != 1.3.0)
    state_machine (1.1.2)
    sunspot (2.0.0.pre.120417)
      pr_geohash (~> 1.0)
      rsolr (~> 1.0.7)
    sunspot_rails (2.0.0.pre.120417)
      nokogiri
      sunspot (= 2.0.0.pre.120417)
    sunspot_solr (2.0.0.pre.120417)
    therubyracer (0.10.1)
      libv8 (~> 3.3.10)
    thinreports (0.7.0)
      prawn (>= 0.12.0, <= 0.12.0)
    thor (0.14.6)
    tilt (1.3.3)
    timecop (0.3.5)
    timeliness (0.3.6)
    treetop (1.4.10)
      polyglot
      polyglot (>= 0.3.1)
    ttfunk (1.0.3)
    tzinfo (0.3.33)
    uglifier (1.2.4)
      execjs (>= 0.3.0)
      multi_json (>= 1.0.2)
    uuidtools (2.1.2)
    validates_timeliness (3.0.11)
      timeliness (~> 0.3.6)
    vcr (2.1.1)
    warden (1.1.1)
      rack (>= 1.0)
    whenever (0.7.3)
      activesupport (>= 2.3.4)
      chronic (~> 0.6.3)
    will_paginate (3.0.3)
    yamler (0.1.0)
    zipruby (0.3.6)

PLATFORMS
  ruby

DEPENDENCIES
  RedCloth (>= 4.2.9)
  acts-as-taggable-on (~> 2.2)
  acts_as_list!
  addressable
  annotate (~> 2.4.1.beta1)
  attribute_normalizer (~> 1.1)
  awesome_nested_set (~> 2.1)
  aws-sdk (~> 1.4)
  barby (~> 0.5)
  cancan (>= 1.6.7)
  chunky_png (= 1.2.5)
  ci_reporter
  client_side_validations (~> 3.2.0.beta.3)
  coffee-rails (~> 3.2.1)
  configatron
  crypt19
  daemons
  dalli (~> 2.0)
  delayed_job_active_record
  devise (~> 2.0)
  dynamic_form
  enju_book_jacket!
  enju_manifestation_viewer!
  enju_ndl (~> 0.0.23)
  enju_oai!
  enju_standalone_interface!
  event-calendar
  exception_notification (~> 2.6)
  factory_girl_rails
  fakeweb
  file_wrapper
  friendly_id (~> 4.0)
  geocoder
  guard-rspec
  has_scope
  inherited_resources (~> 1.3)
  isbn-tools!
  jpp_customercode_transfer (~> 0.0.2)
  jquery-rails
  kgio
  library_stdnums
  mobile-fu
  paper_trail (~> 2.6)
  paperclip (~> 2.7)
  paperclip-meta
  parallel_tests (~> 0.8)
  paranoia
  pg
  progress_bar
  rack-protection
  rails (= 3.2.3)
  rails_autolink
  rghost
  rghost_barcode
  ri_cal
  rmagick
  rqrcode
  rspec-rails (~> 2.10)
  ruby-prof
  sanitize
  sass-rails (~> 3.2.3)
  scribd_fu
  simple_form (~> 2.0)
  simplecov (~> 0.6)
  sitemap_generator (~> 3.1)
  spork-rails
  state_machine (~> 1.1.2)
  sunspot-rails-tester!
  sunspot_rails (~> 2.0.0.pre.120417)
  sunspot_solr (~> 2.0.0.pre.120417)
  therubyracer
  thinreports
  timecop
  uglifier (>= 1.0.3)
  validates_timeliness
  vcr (~> 2.1)
  whenever
  will_paginate (~> 3.0)
  zipruby
