GIT
  remote: git://github.com/emiko/acts_as_list.git
  revision: 487ae2633e187436f776cbd7fbd1c57b2db225a5
  specs:
    acts_as_list (0.1.4)

GIT
  remote: git://github.com/nabeta/isbn-tools.git
  revision: 05e31384f167aa7d1e560f76c1c3faf104d64709
  specs:
    isbn-tools (0.2.0)

GEM
  remote: http://rubygems.org/
  specs:
    Ascii85 (1.0.1)
    RedCloth (4.2.9)
    Saikuro (1.1.0)
    aaronh-chronic (0.3.9)
    actionmailer (3.1.3)
      actionpack (= 3.1.3)
      mail (~> 2.3.0)
    actionpack (3.1.3)
      activemodel (= 3.1.3)
      activesupport (= 3.1.3)
      builder (~> 3.0.0)
      erubis (~> 2.7.0)
      i18n (~> 0.6)
      rack (~> 1.3.5)
      rack-cache (~> 1.1)
      rack-mount (~> 0.8.2)
      rack-test (~> 0.6.1)
      sprockets (~> 2.0.3)
    activemodel (3.1.3)
      activesupport (= 3.1.3)
      builder (~> 3.0.0)
      i18n (~> 0.6)
    activerecord (3.1.3)
      activemodel (= 3.1.3)
      activesupport (= 3.1.3)
      arel (~> 2.2.1)
      tzinfo (~> 0.3.29)
    activeresource (3.1.3)
      activemodel (= 3.1.3)
      activesupport (= 3.1.3)
    activesupport (3.1.3)
      multi_json (~> 1.0)
    acts-as-taggable-on (2.2.2)
      rails (~> 3.0)
    addressable (2.2.6)
    annotate (2.4.0)
    archive-tar-minitar (0.5.2)
    arel (2.2.1)
    arrayfields (4.7.4)
    astrails-safe (0.2.7)
      aws-s3
      cloudfiles
      net-sftp
    attribute_normalizer (1.0.1)
    aws-s3 (0.6.2)
      builder
      mime-types
      xml-simple
    barby (0.5.0)
    bcrypt-ruby (3.0.1)
    builder (3.0.0)
    cancan (1.6.7)
    chronic (0.3.0)
    churn (0.0.15)
      arrayfields (= 4.7.4)
      chronic (>= 0.2.3)
      chronic (>= 0.2.3)
      fattr (= 2.2.0)
      hirb (= 0.5.0)
      hirb
      jeweler (= 1.6.4)
      json (= 1.6.1)
      json_pure
      main
      main (>= 4.6.0)
      map (= 4.3.0)
      ruby_parser (= 2.3.1)
      ruby_parser (~> 2.3)
      sexp_processor (= 3.0.7)
      sexp_processor (~> 3.0.3)
    client_side_validations (3.1.4)
    cloudfiles (1.5.0.1)
      json
    cocaine (0.2.1)
    colored (1.2)
    columnize (0.3.6)
    configatron (2.9.0)
      yamler (>= 0.1.0)
    dalli (1.1.4)
    delayed_job (3.0.0)
      activesupport (~> 3.0)
    delayed_job_active_record (0.3.1)
      activerecord (> 2.1.0)
      delayed_job (~> 3.0.0)
    devise (1.5.3)
      bcrypt-ruby (~> 3.0)
      orm_adapter (~> 0.0.3)
      warden (~> 1.1)
    diff-lcs (1.1.3)
    dynamic_form (1.1.4)
    erubis (2.7.0)
    escape (0.0.4)
    event-calendar (2.3.3)
    exception_notification (2.5.2)
      actionmailer (>= 3.0.4)
    extractcontent (0.0.1)
    factory_girl (2.3.2)
      activesupport
    factory_girl_rails (1.4.0)
      factory_girl (~> 2.3.0)
      railties (>= 3.0.0)
    fattr (2.2.0)
    ffi (1.0.11)
    file_wrapper (0.4.1)
    flay (1.4.3)
      ruby_parser (~> 2.0)
      sexp_processor (~> 3.0)
    flog (2.5.3)
      ruby_parser (~> 2.0)
      sexp_processor (~> 3.0)
    friendly_id (4.0.0)
    geocoder (1.1.0)
    git (1.2.5)
    guard (0.10.0)
      ffi (>= 0.5.0)
      thor (~> 0.14.6)
    guard-rspec (0.6.0)
      guard (>= 0.10.0)
    has_scope (0.5.1)
    hashie (1.2.0)
    highline (1.6.9)
    hike (1.2.1)
    hirb (0.5.0)
    i18n (0.6.0)
    inherited_resources (1.3.0)
      has_scope (~> 0.5.0)
      responders (~> 0.6.0)
    jeweler (1.6.4)
      bundler (~> 1.0)
      git (>= 1.2.5)
      rake
    jpmobile (2.0.4)
    jquery-rails (1.0.19)
      railties (~> 3.0)
      thor (~> 0.14)
    json (1.6.1)
    json_pure (1.6.4)
    kgio (2.7.2)
    library_stdnums (1.0.1)
    linecache19 (0.5.12)
      ruby_core_source (>= 0.1.4)
    mail (2.3.0)
      i18n (>= 0.4.0)
      mime-types (~> 1.16)
      treetop (~> 1.4.8)
    main (4.7.1)
    map (4.3.0)
    marc (0.4.3)
    metric_fu (2.1.1)
      Saikuro (>= 1.1.0)
      activesupport (>= 2.0.0)
      chronic (~> 0.3.0)
      churn (>= 0.0.7)
      flay (>= 1.2.1)
      flog (>= 2.3.0)
      rails_best_practices (>= 0.6.4)
      rcov (>= 0.8.3.3)
      reek (>= 1.2.6)
      roodi (>= 2.1.0)
      syntax
    mime-types (1.17.2)
    multi_json (1.0.4)
    net-sftp (2.0.5)
      net-ssh (>= 2.0.9)
    net-ssh (2.3.0)
    nokogiri (1.5.0)
    omniauth (1.0.1)
      hashie (~> 1.2)
      rack
    options (2.3.0)
      fattr
    orm_adapter (0.0.6)
    paper_trail (2.5.0)
      rails (~> 3)
    paperclip (2.4.5)
      activerecord (>= 2.3.0)
      activesupport (>= 2.3.2)
      cocaine (>= 0.0.2)
      mime-types
    parallel (0.5.11)
    parallel_tests (0.6.16)
      parallel
    pdf-reader (0.10.1)
      Ascii85 (~> 1.0.0)
    pg (0.12.2)
    polyglot (0.3.3)
    pr_geohash (1.0.0)
    prawn (0.12.0)
      pdf-reader (>= 0.9.0)
      ttfunk (~> 1.0.2)
    progress_bar (0.4.0)
      highline (~> 1.6.1)
      options (~> 2.3.0)
    progressbar (0.9.2)
    rack (1.3.6)
    rack-cache (1.1)
      rack (>= 0.4)
    rack-mount (0.8.3)
      rack (>= 1.0.0)
    rack-protection (1.2.0)
      rack
    rack-ssl (1.3.2)
      rack
    rack-test (0.6.1)
      rack (>= 1.0)
    rails (3.1.3)
      actionmailer (= 3.1.3)
      actionpack (= 3.1.3)
      activerecord (= 3.1.3)
      activeresource (= 3.1.3)
      activesupport (= 3.1.3)
      bundler (~> 1.0)
      railties (= 3.1.3)
    rails3_acts_as_paranoid (0.1.3)
      activerecord (~> 3.0)
    rails_best_practices (1.7.2)
      activesupport
      colored
      erubis
      i18n
      progressbar
      sexp_processor
    railties (3.1.3)
      actionpack (= 3.1.3)
      activesupport (= 3.1.3)
      rack-ssl (~> 1.3.2)
      rake (>= 0.8.7)
      rdoc (~> 3.4)
      thor (~> 0.14.6)
    rake (0.9.2.2)
    rcov (0.9.11)
    rdoc (3.12)
      json (~> 1.4)
    reek (1.2.8)
      ruby2ruby (~> 1.2)
      ruby_parser (~> 2.0)
      sexp_processor (~> 3.0)
    responders (0.6.4)
    ri_cal (0.8.8)
    rmagick (2.13.1)
    roodi (2.1.0)
      ruby_parser
    rqrcode (0.4.2)
    rscribd (1.3.0)
      mime-types
    rsolr (1.0.6)
      builder (>= 2.1.2)
    rspec (2.8.0)
      rspec-core (~> 2.8.0)
      rspec-expectations (~> 2.8.0)
      rspec-mocks (~> 2.8.0)
    rspec-core (2.8.0)
    rspec-expectations (2.8.0)
      diff-lcs (~> 1.1.2)
    rspec-mocks (2.8.0)
    rspec-rails (2.8.1)
      actionpack (>= 3.0)
      activesupport (>= 3.0)
      railties (>= 3.0)
      rspec (~> 2.8.0)
    ruby-debug-base19 (0.11.25)
      columnize (>= 0.3.1)
      linecache19 (>= 0.5.11)
      ruby_core_source (>= 0.1.4)
    ruby-debug19 (0.11.6)
      columnize (>= 0.3.1)
      linecache19 (>= 0.5.11)
      ruby-debug-base19 (>= 0.11.19)
    ruby-prof (0.10.8)
    ruby2ruby (1.3.1)
      ruby_parser (~> 2.0)
      sexp_processor (~> 3.0)
    ruby_core_source (0.1.5)
      archive-tar-minitar (>= 0.5.2)
    ruby_parser (2.3.1)
      sexp_processor (~> 3.0)
    sanitize (2.0.3)
      nokogiri (>= 1.4.4, < 1.6)
    scribd_fu (2.0.11)
      rscribd
    sexp_processor (3.0.7)
    simple_form (1.5.2)
      actionpack (~> 3.0)
      activemodel (~> 3.0)
    simplecov (0.5.4)
      multi_json (~> 1.0.3)
      simplecov-html (~> 0.5.3)
    simplecov-html (0.5.3)
    sitemap_generator (2.2.1)
    spork (0.9.0.rc9)
    sprockets (2.0.3)
      hike (~> 1.2)
      rack (~> 1.0)
      tilt (~> 1.1, != 1.3.0)
    state_machine (1.1.1)
    strongbox (0.5.0)
      activerecord
    sunspot (1.3.0)
      escape (~> 0.0.4)
      pr_geohash (~> 1.0)
      rsolr (~> 1.0.6)
    sunspot_rails (1.3.0)
      nokogiri
      sunspot (= 1.3.0)
    sunspot_solr (1.3.0)
      escape (~> 0.0.4)
    syntax (1.0.0)
    system_timer (1.2.4)
    thinreports (0.7.0)
      prawn (>= 0.12.0, <= 0.12.0)
    thor (0.14.6)
    tilt (1.3.3)
    timecop (0.3.5)
    timeliness (0.3.4)
    treetop (1.4.10)
      polyglot
      polyglot (>= 0.3.1)
    ttfunk (1.0.3)
    tzinfo (0.3.31)
    validates_timeliness (3.0.8)
      timeliness (~> 0.3.4)
    warden (1.1.0)
      rack (>= 1.0)
    whenever (0.6.8)
      aaronh-chronic (>= 0.3.9)
      activesupport (>= 2.3.4)
    will_paginate (3.0.2)
    xml-simple (1.1.1)
    yamler (0.1.0)
    zipruby (0.3.6)

PLATFORMS
  ruby

DEPENDENCIES
  RedCloth (>= 4.2.8)
  activerecord-jdbc-adapter
  acts-as-taggable-on (~> 2.1)
  acts_as_list!
  addressable
  annotate
  astrails-safe
  attribute_normalizer
  barby (~> 0.5)
  cancan (>= 1.6.7)
  client_side_validations
  configatron
  dalli (~> 1.1)
  delayed_job (>= 2.1.4)
  delayed_job_active_record
  devise (~> 1.4)
  dynamic_form
  event-calendar
  exception_notification (~> 2.5.2)
  extractcontent
  factory_girl_rails (~> 1.2)
  file_wrapper
  friendly_id (~> 4.0.0.beta11)
  geocoder
  glassfish
  guard-rspec
  has_scope
  inherited_resources (~> 1.3)
  isbn-tools!
  jdbc-postgres
  jpmobile (= 2.0.4)
  jquery-rails
  jruby-openssl
  kgio
  library_stdnums
  marc
  metric_fu (~> 2.1)
  nokogiri
  omniauth (>= 0.2.6)
  paper_trail (~> 2.3)
  paperclip (~> 2.4)
  parallel_tests
  pg
  progress_bar
  rack-protection
  rails (= 3.1.3)
  rails3_acts_as_paranoid
  ri_cal
  rmagick
  rqrcode
  rspec-rails
  ruby-debug19
  ruby-prof
  rubyzip2
  sanitize
  scribd_fu
  simple_form (~> 1.5)
  simplecov (>= 0.5.3)
  sitemap_generator (~> 2.1)
  spork (~> 0.9.0.rc9)
  state_machine
  strongbox (>= 0.4.8)
  sunspot_rails (~> 1.3)
  sunspot_solr (~> 1.3)
  system_timer
  thinreports
  timecop
  validates_timeliness
  whenever (~> 0.6)
  will_paginate (~> 3.0)
  zipruby
